GEM
  remote: https://rubygems.org/
  specs:
    actioncable (5.2.6.3)
      actionpack (= 5.2.6.3)
      nio4r (~> 2.0)
      websocket-driver (>= 0.6.1)
    actionmailer (5.2.6.3)
      actionpack (= 5.2.6.3)
      actionview (= 5.2.6.3)
      activejob (= 5.2.6.3)
      mail (~> 2.5, >= 2.5.4)
      rails-dom-testing (~> 2.0)
    actionpack (5.2.6.3)
      actionview (= 5.2.6.3)
      activesupport (= 5.2.6.3)
      rack (~> 2.0, >= 2.0.8)
      rack-test (>= 0.6.3)
      rails-dom-testing (~> 2.0)
      rails-html-sanitizer (~> 1.0, >= 1.0.2)
    actionview (5.2.6.3)
      activesupport (= 5.2.6.3)
      builder (~> 3.1)
      erubi (~> 1.4)
      rails-dom-testing (~> 2.0)
      rails-html-sanitizer (~> 1.0, >= 1.0.3)
    activejob (5.2.6.3)
      activesupport (= 5.2.6.3)
      globalid (>= 0.3.6)
    activemodel (5.2.6.3)
      activesupport (= 5.2.6.3)
    activerecord (5.2.6.3)
      activemodel (= 5.2.6.3)
      activesupport (= 5.2.6.3)
      arel (>= 9.0)
    activestorage (5.2.6.3)
      actionpack (= 5.2.6.3)
      activerecord (= 5.2.6.3)
      marcel (~> 1.0.0)
    activesupport (5.2.6.3)
      concurrent-ruby (~> 1.0, >= 1.0.2)
      i18n (>= 0.7, < 2)
      minitest (~> 5.1)
      tzinfo (~> 1.1)
    addressable (2.8.0)
      public_suffix (>= 2.0.2, < 5.0)
    ahoy_email (1.0.3)
      actionmailer (>= 4.2)
      addressable (>= 2.3.2)
      nokogiri
      safely_block (>= 0.1.1)
    arel (9.0.0)
    bindex (0.5.0)
    bootsnap (1.4.6)
      msgpack (~> 1.0)
    builder (3.2.4)
    charlock_holmes (0.7.6)
    chronic_duration (0.10.6)
      numerizer (~> 0.1.1)
    coffee-rails (4.2.2)
      coffee-script (>= 2.2.0)
      railties (>= 4.0.0)
    coffee-script (2.4.1)
      coffee-script-source
      execjs
    coffee-script-source (1.12.2)
    concurrent-ruby (1.1.10)
    crass (1.0.6)
    daemons (1.1.9)
    dalli (2.7.4)
    delayed_job (4.1.9)
      activesupport (>= 3.0, < 6.2)
    delayed_job_active_record (4.1.6)
      activerecord (>= 3.0, < 6.2)
      delayed_job (>= 3.0, < 5)
    errbase (0.1.1)
    erubi (1.10.0)
    execjs (2.7.0)
    factory_bot (5.1.1)
      activesupport (>= 4.2.0)
    factory_bot_rails (5.1.1)
      factory_bot (~> 5.1.0)
      railties (>= 4.2.0)
    faraday (0.15.4)
      multipart-post (>= 1.2, < 3)
    ffi (1.12.2)
    foundation-rails (5.5.0.0)
      railties (>= 3.1.0)
      sass (>= 3.2.0, < 3.4)
    globalid (1.0.0)
      activesupport (>= 5.0)
    hashie (3.6.0)
    i18n (1.10.0)
      concurrent-ruby (~> 1.0)
    jbuilder (2.8.0)
      activesupport (>= 4.2.0)
      multi_json (>= 1.2)
    jquery-rails (4.3.3)
      rails-dom-testing (>= 1, < 3)
      railties (>= 4.2.0)
      thor (>= 0.14, < 2.0)
    jquery-ui-rails (6.0.1)
      railties (>= 3.2.16)
    jwt (2.1.0)
    listen (3.2.1)
      rb-fsevent (~> 0.10, >= 0.10.3)
      rb-inotify (~> 0.9, >= 0.9.10)
    loofah (2.5.0)
      crass (~> 1.0.2)
      nokogiri (>= 1.5.9)
    mail (2.7.1)
      mini_mime (>= 0.1.1)
    marcel (1.0.2)
    method_source (1.0.0)
    mini_mime (1.1.2)
    mini_portile (0.6.2)
    mini_portile2 (2.8.0)
    minitest (5.15.0)
    msgpack (1.3.3)
    multi_json (1.13.1)
    multi_xml (0.6.0)
    multipart-post (2.0.0)
    mysql2 (0.4.10)
    nanoid (2.0.0)
    nio4r (2.5.8)
    nokogiri (1.13.3)
      mini_portile2 (~> 2.8.0)
      racc (~> 1.4)
    numerizer (0.1.1)
    oauth2 (1.4.1)
      faraday (>= 0.8, < 0.16.0)
      jwt (>= 1.0, < 3.0)
      multi_json (~> 1.3)
      multi_xml (~> 0.5)
      rack (>= 1.2, < 3)
    omniauth (1.9.0)
      hashie (>= 3.4.6, < 3.7.0)
      rack (>= 1.6.2, < 3)
    omniauth-azure-activedirectory-v2 (0.1.1)
      omniauth-oauth2
    omniauth-google-oauth2 (0.6.1)
      jwt (>= 2.0)
      omniauth (>= 1.1.1)
      omniauth-oauth2 (>= 1.5)
    omniauth-oauth2 (1.6.0)
      oauth2 (~> 1.1)
      omniauth (~> 1.9)
    public_suffix (4.0.6)
    puma (5.6.4)
      nio4r (~> 2.0)
    racc (1.6.0)
    rack (2.2.3)
    rack-test (1.1.0)
      rack (>= 1.0, < 3)
    rails (5.2.6.3)
      actioncable (= 5.2.6.3)
      actionmailer (= 5.2.6.3)
      actionpack (= 5.2.6.3)
      actionview (= 5.2.6.3)
      activejob (= 5.2.6.3)
      activemodel (= 5.2.6.3)
      activerecord (= 5.2.6.3)
      activestorage (= 5.2.6.3)
      activesupport (= 5.2.6.3)
      bundler (>= 1.3.0)
      railties (= 5.2.6.3)
      sprockets-rails (>= 2.0.0)
    rails-controller-testing (1.0.4)
      actionpack (>= 5.0.1.x)
      actionview (>= 5.0.1.x)
      activesupport (>= 5.0.1.x)
    rails-dom-testing (2.0.3)
      activesupport (>= 4.2.0)
      nokogiri (>= 1.6)
    rails-html-sanitizer (1.0.4)
      loofah (~> 2.2, >= 2.2.2)
    rails-jquery-autocomplete (1.0.5)
      rails (>= 3.2)
    rails-observers (0.1.5)
      activemodel (>= 4.0)
    railties (5.2.6.3)
      actionpack (= 5.2.6.3)
      activesupport (= 5.2.6.3)
      method_source
      rake (>= 0.8.7)
      thor (>= 0.19.0, < 2.0)
    rake (13.0.6)
    rb-fsevent (0.10.3)
    rb-inotify (0.10.1)
      ffi (~> 1.0)
    redcarpet (3.5.1)
    remotipart (1.4.3)
    ri_cal (0.8.8)
    rmagick (4.0.0)
    ruby-ole (1.2.12.2)
    ruby-prof (0.15.1)
    safely_block (0.2.1)
      errbase
    sass (3.3.14)
    sass-rails (5.0.7)
      railties (>= 4.0.0, < 6)
      sass (~> 3.1)
      sprockets (>= 2.8, < 4.0)
      sprockets-rails (>= 2.0, < 4.0)
      tilt (>= 1.1, < 3)
    spectrum-rails (1.6.2)
      railties (>= 3.1)
    spreadsheet (1.2.6)
      ruby-ole (>= 1.0)
    spring (1.1.2)
    sprockets (3.7.2)
      concurrent-ruby (~> 1.0)
      rack (> 1, < 3)
    sprockets-rails (3.4.2)
      actionpack (>= 5.2)
      activesupport (>= 5.2)
      sprockets (>= 3.0.0)
    thor (1.2.1)
    thread_safe (0.3.6)
    tilt (2.0.8)
    tiny_tds (0.7.0)
      mini_portile (= 0.6.2)
    tod (2.2.0)
    tzinfo (1.2.9)
      thread_safe (~> 0.1)
    uglifier (3.2.0)
      execjs (>= 0.3.0, < 3)
    web-console (3.7.0)
      actionview (>= 5.0)
      activemodel (>= 5.0)
      bindex (>= 0.4.0)
      railties (>= 5.0)
    websocket-driver (0.7.5)
      websocket-extensions (>= 0.1.0)
    websocket-extensions (0.1.5)
    will_paginate (3.1.7)

PLATFORMS
  ruby

DEPENDENCIES
  ahoy_email
  bootsnap
  charlock_holmes
  chronic_duration
  coffee-rails (~> 4.2)
  daemons
  dalli
  delayed_job_active_record
  factory_bot_rails
  foundation-rails (= 5.5.0.0)
  jbuilder (~> 2.5)
  jquery-rails
  jquery-ui-rails
  listen
  loofah (~> 2.5.0)
  mysql2
  nanoid
  nokogiri
  omniauth
  omniauth-azure-activedirectory-v2
  omniauth-google-oauth2 (~> 0.6.0)
  puma
  rails (= 5.2.6.3)
  rails-controller-testing
  rails-html-sanitizer (~> 1.0.4)
  rails-jquery-autocomplete
  rails-observers
  redcarpet
  remotipart
  ri_cal
  rmagick
  ruby-prof
  sass-rails (~> 5.0)
  spectrum-rails
  spreadsheet
  spring
  tiny_tds
  tod
  uglifier (>= 3.2.0)
  web-console
  will_paginate

BUNDLED WITH
   1.17.3
